GIT
  remote: https://github.com/igrigorik/em-http-request.git
  revision: e7beb1b2330f4466853ec08446b2225961fee484
  specs:
    em-http-request (1.0.1)
      addressable (>= 2.2.3)
      cookiejar
      em-socksify
      eventmachine (>= 1.0.0.beta.4)
      http_parser.rb (>= 0.5.3)

GIT
  remote: https://github.com/igrigorik/em-synchrony.git
  revision: 07181cb26c4be37c1f7dae25bd7a7d9e3d1aed84
  specs:
    em-synchrony (1.0.0)
      eventmachine (>= 1.0.0.beta.1)

GIT
  remote: https://github.com/postrank-labs/goliath.git
  revision: ff886a9049195b0d98c5fbd6da746cfeece21e55
  specs:
    goliath (0.9.4)
      async-rack
      em-synchrony (>= 1.0.0)
      em-websocket
      eventmachine (>= 1.0.0.beta.3)
      http_parser.rb (~> 0.5.3)
      http_router (~> 0.9.0)
      log4r
      multi_json
      rack (>= 1.2.2)
      rack-contrib
      rack-respond_to

GEM
  remote: http://rubygems.org/
  specs:
    activemodel (3.2.1)
      activesupport (= 3.2.1)
      builder (~> 3.0.0)
    activerecord (3.2.1)
      activemodel (= 3.2.1)
      activesupport (= 3.2.1)
      arel (~> 3.0.0)
      tzinfo (~> 0.3.29)
    activesupport (3.2.1)
      i18n (~> 0.6)
      multi_json (~> 1.0)
    addressable (2.2.7)
    arel (3.0.0)
    async-rack (0.5.1)
      rack (~> 1.1)
    builder (3.0.0)
    cookiejar (0.3.0)
    database_cleaner (0.7.1)
    diff-lcs (1.1.3)
    em-socksify (0.1.0)
      eventmachine
    em-websocket (0.3.6)
      addressable (>= 2.1.1)
      eventmachine (>= 0.12.9)
    eventmachine (1.0.0.beta.4)
    factory_girl (2.1.2)
      activesupport
    http_parser.rb (0.5.3)
    http_router (0.9.7)
      rack (>= 1.0.0)
      url_mount (~> 0.2.1)
    i18n (0.6.0)
    json (1.6.5)
    log4r (1.1.10)
    multi_json (1.0.4)
    mysql2 (0.3.11)
    nokogiri (1.5.0)
    rack (1.4.1)
    rack-accept-media-types (0.9)
    rack-contrib (1.1.0)
      rack (>= 0.9.1)
    rack-respond_to (0.9.8)
      rack-accept-media-types (>= 0.6)
    rack-test (0.6.1)
      rack (>= 1.0)
    rspec (2.8.0)
      rspec-core (~> 2.8.0)
      rspec-expectations (~> 2.8.0)
      rspec-mocks (~> 2.8.0)
    rspec-core (2.8.0)
    rspec-expectations (2.8.0)
      diff-lcs (~> 1.1.2)
    rspec-mocks (2.8.0)
    spork (0.9.0)
    tzinfo (0.3.31)
    url_mount (0.2.1)
      rack
    webrat (0.7.3)
      nokogiri (>= 1.2.0)
      rack (>= 1.0)
      rack-test (>= 0.5.3)

PLATFORMS
  ruby

DEPENDENCIES
  activerecord
  database_cleaner
  em-http-request!
  em-synchrony!
  factory_girl (~> 2.1.0)
  goliath!
  json
  mysql2
  rspec
  spork
  webrat
